GEM
  remote: http://rubygems.org/
  specs:
    addressable (2.2.6)
    interact (0.3)
    json_pure (1.5.4)
      spruz (~> 0.2.8)
    mime-types (1.17.2)
    newrelic_rpm (3.3.0)
    rack (1.3.5)
    rack-protection (1.1.4)
      rack
    rest-client (1.6.7)
      mime-types (>= 1.16)
    rubyzip2 (2.0.2)
    sinatra (1.3.1)
      rack (~> 1.3, >= 1.3.4)
      rack-protection (~> 1.1, >= 1.1.2)
      tilt (~> 1.3, >= 1.3.3)
    spruz (0.2.13)
    terminal-table (1.4.4)
    tilt (1.3.3)
    vmc (0.3.14)
      addressable (~> 2.2.6)
      interact (~> 0.3.0)
      json_pure (~> 1.5.1)
      rest-client (>= 1.6.1, < 1.7.0)
      rubyzip2 (~> 2.0.1)
      terminal-table (~> 1.4.2)

PLATFORMS
  ruby

DEPENDENCIES
  newrelic_rpm
  sinatra
  vmc
